GEM
  remote: https://rubygems.org/
  specs:
    actionmailer (2.3.18)
      actionpack (= 2.3.18)
    actionpack (2.3.18)
      activesupport (= 2.3.18)
      rack (~> 1.1.0)
    activerecord (2.3.18)
      activesupport (= 2.3.18)
    activerecord-mysql2-adapter (0.0.3)
      mysql2
    activeresource (2.3.18)
      activesupport (= 2.3.18)
    activesupport (2.3.18)
    annotate (2.5.0)
      rake
    bcrypt-ruby (3.0.1)
    json (1.7.7)
    mysql2 (0.3.11)
    rack (1.1.6)
    rails (2.3.18)
      actionmailer (= 2.3.18)
      actionpack (= 2.3.18)
      activerecord (= 2.3.18)
      activeresource (= 2.3.18)
      activesupport (= 2.3.18)
      rake (>= 0.8.3)
    rake (10.0.4)

PLATFORMS
  ruby

DEPENDENCIES
  activerecord-mysql2-adapter (= 0.0.3)
  annotate (= 2.5.0)
  bcrypt-ruby (= 3.0.1)
  json
  mysql2
  rails (= 2.3.18)
